GEM
  remote: https://rubygems.org/
  specs:
    activemodel (3.2.17)
      activesupport (= 3.2.17)
      builder (~> 3.0.0)
    activerecord (3.2.17)
      activemodel (= 3.2.17)
      activesupport (= 3.2.17)
      arel (~> 3.0.2)
      tzinfo (~> 0.3.29)
    activesupport (3.2.17)
      i18n (~> 0.6, >= 0.6.4)
      multi_json (~> 1.0)
    arel (3.0.3)
    bond (0.4.3)
    bson (1.10.0)
    bson_ext (1.10.0)
      bson (~> 1.10.0)
    builder (3.0.4)
    capistrano (3.2.1)
      i18n
      rake (>= 10.0.0)
      sshkit (~> 1.3)
    capybara (2.2.1)
      mime-types (>= 1.16)
      nokogiri (>= 1.3.3)
      rack (>= 1.0.0)
      rack-test (>= 0.5.4)
      xpath (~> 2.0)
    capybara-webkit (1.1.0)
      capybara (~> 2.0, >= 2.0.2)
      json
    chronic (0.10.2)
    columnize (0.8.9)
    dbf (2.0.7)
      fastercsv (~> 1.5.4)
    debugger (1.6.6)
      columnize (>= 0.3.1)
      debugger-linecache (~> 1.2.0)
      debugger-ruby_core_source (~> 1.3.2)
    debugger-linecache (1.2.0)
    debugger-ruby_core_source (1.3.4)
    diff-lcs (1.2.5)
    fastercsv (1.5.5)
    haml (4.0.5)
      tilt
    headless (1.0.2)
    i18n (0.6.9)
    json (1.8.1)
    kgio (2.9.2)
    mime-types (2.2)
    mini_portile (0.6.0)
    mongoid (3.0.23)
      activemodel (~> 3.1)
      moped (~> 1.2)
      origin (~> 1.0)
      tzinfo (~> 0.3.22)
    mongoid_auto_increment (0.1.2)
      mongoid (>= 2.0)
    mono_logger (1.1.0)
    moped (1.5.2)
    multi_json (1.10.0)
    mysql2 (0.3.16)
    net-scp (1.2.1)
      net-ssh (>= 2.6.5)
    net-ssh (2.9.1)
    nokogiri (1.6.2.1)
      mini_portile (= 0.6.0)
    nokogiri (1.6.2.1-x86-mingw32)
      mini_portile (= 0.6.0)
    origin (1.1.0)
    rack (1.5.2)
    rack-protection (1.5.3)
      rack
    rack-test (0.6.2)
      rack (>= 1.0)
    rack-timeout (0.0.4)
    raindrops (0.13.0)
    rake (10.3.1)
    redis (3.0.7)
    redis-namespace (1.4.1)
      redis (~> 3.0.4)
    resque (1.25.2)
      mono_logger (~> 1.0)
      multi_json (~> 1.0)
      redis-namespace (~> 1.3)
      sinatra (>= 0.9.2)
      vegas (~> 0.1.2)
    resque-scheduler (2.5.5)
      mono_logger (~> 1.0)
      redis (~> 3.0.4)
      resque (~> 1.25.1)
      rufus-scheduler (~> 2.0.24)
    ripl (0.7.0)
      bond (~> 0.4.2)
    ripl-multi_line (0.3.1)
      ripl (>= 0.3.6)
    ripl-rack (0.2.1)
      rack (>= 1.0)
      rack-test (~> 0.6.2)
      ripl (>= 0.7.0)
    rspec (2.14.1)
      rspec-core (~> 2.14.0)
      rspec-expectations (~> 2.14.0)
      rspec-mocks (~> 2.14.0)
    rspec-core (2.14.8)
    rspec-expectations (2.14.5)
      diff-lcs (>= 1.1.3, < 2.0)
    rspec-mocks (2.14.6)
    ruby-prof (0.15.1)
    ruby-progressbar (1.5.1)
    rufus-scheduler (2.0.24)
      tzinfo (>= 0.3.22)
    shotgun (0.9)
      rack (>= 1.0)
    sinatra (1.4.5)
      rack (~> 1.4)
      rack-protection (~> 1.4)
      tilt (~> 1.3, >= 1.3.4)
    sshkit (1.4.0)
      net-scp (>= 1.1.2)
      net-ssh (>= 2.8.0)
      term-ansicolor
    term-ansicolor (1.3.0)
      tins (~> 1.0)
    tilt (1.4.1)
    tins (1.3.0)
    tux (0.3.0)
      ripl (>= 0.3.5)
      ripl-multi_line (>= 0.2.4)
      ripl-rack (>= 0.2.0)
      sinatra (>= 1.2.1)
    tzinfo (0.3.39)
    unicorn (4.8.3)
      kgio (~> 2.6)
      rack
      raindrops (~> 0.7)
    vegas (0.1.11)
      rack (>= 1.0.0)
    whenever (0.9.2)
      activesupport (>= 2.3.4)
      chronic (>= 0.6.3)
    will_paginate (3.0.5)
    will_paginate-bootstrap (1.0.0)
      will_paginate (>= 3.0.3)
    will_paginate_mongoid (2.0.1)
      mongoid
      will_paginate (~> 3.0)
    xpath (2.0.0)
      nokogiri (~> 1.3)
    zip (2.0.2)

PLATFORMS
  ruby
  x86-mingw32

DEPENDENCIES
  activerecord
  activesupport (= 3.2.17)
  bson_ext
  capistrano
  capybara (= 2.2.1)
  capybara-webkit (= 1.1.0)
  dbf
  debugger
  haml
  headless
  mongoid (= 3.0.23)
  mongoid_auto_increment
  mysql2
  rack-timeout
  redis
  resque
  resque-scheduler
  rspec
  ruby-prof
  ruby-progressbar
  shotgun
  sinatra
  tux
  unicorn
  whenever
  will_paginate
  will_paginate-bootstrap
  will_paginate_mongoid
  zip
